GEM
  remote: http://rubygems.org/
  specs:
    haml (4.0.2)
      tilt
    tilt (1.3.7)

PLATFORMS
  ruby

DEPENDENCIES
  haml
