GEM
  remote: http://rubygems.org/
  specs:
    coderay (1.1.0)
    haml (4.0.2)
      tilt
    haml-coderay (0.2.0)
      coderay
      haml
    redcarpet (2.2.2)
    tilt (1.3.7)

PLATFORMS
  ruby

DEPENDENCIES
  haml
  haml-coderay
  redcarpet
